FRAMEWORK: >= NET40
NUGET
  remote: https://www.nuget.org/api/v2
    FAKE (4.38.1)
GIT
  remote: https://github.com/tryfsharp/fable-compiler.git
     (8ff4cca710f6ee73863a745a52740e259a162293)
      build: build.cmd FableSuaveRelease
      os: windows
     (8ff4cca710f6ee73863a745a52740e259a162293)
      build: build.sh FableSuaveRelease
      os: mono