FRAMEWORK: >= NET40
NUGET
  remote: https://www.nuget.org/api/v2
    FAKE (4.38.3)
GIT
  remote: https://github.com/tryfsharp/fable-compiler.git
     (78009a8a73faa008db71405aa45131398a928b06)
      build: build.cmd FableSuaveRelease
      os: windows
     (78009a8a73faa008db71405aa45131398a928b06)
      build: build.sh FableSuaveRelease
      os: mono