FRAMEWORK: >= NET40
NUGET
  remote: https://www.nuget.org/api/v2
    FAKE (4.38.1)
GIT
  remote: https://github.com/tryfsharp/fable-compiler.git
     (2ad9a78c4f9a209157c94e75afa19bdb200fb3bd)
      build: build.cmd FableSuaveRelease
      os: windows
     (2ad9a78c4f9a209157c94e75afa19bdb200fb3bd)
      build: build.sh FableSuaveRelease
      os: mono